PATH
  remote: gen/ruby
  specs:
    proto-dependabot-api (1.1.5)
      twirp (~> 1.1)

PATH
  remote: vendor/activejob-scheduled_job
  specs:
    activejob-scheduled_job (0.1)
      activejob (>= 6.0, < 8.0)
      activesupport (>= 5.0.0, < 9.0)

GEM
  remote: https://rubygems.org/
  specs:
    actioncable (7.0.8.7)
      actionpack (= 7.0.8.7)
      activesupport (= 7.0.8.7)
      nio4r (~> 2.0)
      websocket-driver (>= 0.6.1)
    actionmailbox (7.0.8.7)
      actionpack (= 7.0.8.7)
      activejob (= 7.0.8.7)
      activerecord (= 7.0.8.7)
      activestorage (= 7.0.8.7)
      activesupport (= 7.0.8.7)
      mail (>= 2.7.1)
      net-imap
      net-pop
      net-smtp
    actionmailer (7.0.8.7)
      actionpack (= 7.0.8.7)
      actionview (= 7.0.8.7)
      activejob (= 7.0.8.7)
      activesupport (= 7.0.8.7)
      mail (~> 2.5, >= 2.5.4)
      net-imap
      net-pop
      net-smtp
      rails-dom-testing (~> 2.0)
    actionpack (7.0.8.7)
      actionview (= 7.0.8.7)
      activesupport (= 7.0.8.7)
      rack (~> 2.0, >= 2.2.4)
      rack-test (>= 0.6.3)
      rails-dom-testing (~> 2.0)
      rails-html-sanitizer (~> 1.0, >= 1.2.0)
    actiontext (7.0.8.7)
      actionpack (= 7.0.8.7)
      activerecord (= 7.0.8.7)
      activestorage (= 7.0.8.7)
      activesupport (= 7.0.8.7)
      globalid (>= 0.6.0)
      nokogiri (>= 1.8.5)
    actionview (7.0.8.7)
      activesupport (= 7.0.8.7)
      builder (~> 3.1)
      erubi (~> 1.4)
      rails-dom-testing (~> 2.0)
      rails-html-sanitizer (~> 1.1, >= 1.2.0)
    active_model_serializers (0.10.14)
      actionpack (>= 4.1)
      activemodel (>= 4.1)
      case_transform (>= 0.2)
      jsonapi-renderer (>= 0.1.1.beta1, < 0.3)
    activejob (7.0.8.7)
      activesupport (= 7.0.8.7)
      globalid (>= 0.3.6)
    activejob-retry (0.6.3)
      activejob (>= 4.2)
      activesupport (>= 4.2)
    activemodel (7.0.8.7)
      activesupport (= 7.0.8.7)
    activerecord (7.0.8.7)
      activemodel (= 7.0.8.7)
      activesupport (= 7.0.8.7)
    activestorage (7.0.8.7)
      actionpack (= 7.0.8.7)
      activejob (= 7.0.8.7)
      activerecord (= 7.0.8.7)
      activesupport (= 7.0.8.7)
      marcel (~> 1.0)
      mini_mime (>= 1.1.0)
    activesupport (7.0.8.7)
      concurrent-ruby (~> 1.0, >= 1.0.2)
      i18n (>= 1.6, < 2)
      minitest (>= 5.1)
      tzinfo (~> 2.0)
    addressable (2.8.7)
      public_suffix (>= 2.0.2, < 7.0)
    ast (2.4.2)
    aws-eventstream (1.3.2)
    aws-partitions (1.1065.0)
    aws-sdk-autoscaling (1.125.0)
      aws-sdk-core (~> 3, >= 3.210.0)
      aws-sigv4 (~> 1.5)
    aws-sdk-codecommit (1.83.0)
      aws-sdk-core (~> 3, >= 3.216.0)
      aws-sigv4 (~> 1.5)
    aws-sdk-core (3.220.1)
      aws-eventstream (~> 1, >= 1.3.0)
      aws-partitions (~> 1, >= 1.992.0)
      aws-sigv4 (~> 1.9)
      base64
      jmespath (~> 1, >= 1.6.1)
    aws-sdk-ecr (1.98.0)
      aws-sdk-core (~> 3, >= 3.216.0)
      aws-sigv4 (~> 1.5)
    aws-sdk-kms (1.95.0)
      aws-sdk-core (~> 3, >= 3.210.0)
      aws-sigv4 (~> 1.5)
    aws-sdk-s3 (1.170.0)
      aws-sdk-core (~> 3, >= 3.210.0)
      aws-sdk-kms (~> 1)
      aws-sigv4 (~> 1.5)
    aws-sdk-sqs (1.88.0)
      aws-sdk-core (~> 3, >= 3.210.0)
      aws-sigv4 (~> 1.5)
    aws-sigv4 (1.11.0)
      aws-eventstream (~> 1, >= 1.0.2)
    backport (1.2.0)
    base62 (1.0.0)
    base64 (0.2.0)
    benchmark (0.3.0)
    bigdecimal (3.1.9)
    bootsnap (1.18.4)
      msgpack (~> 1.2)
    builder (3.3.0)
    case_transform (0.2)
      activesupport
    chatops-controller (5.1.0)
      actionpack (>= 6.0)
      activesupport (>= 6.0)
    citrus (3.0.2)
    coach (3.0.1)
      actionpack (>= 4.2)
      activesupport (>= 4.2)
      commander (~> 4.5)
    commonmarker (0.23.11)
    concurrent-ruby (1.3.4)
    connection_pool (2.4.1)
    crack (1.0.0)
      bigdecimal
      rexml
    crass (1.0.6)
    csv (3.3.2)
    date (3.4.1)
    debug (1.10.0)
      irb (~> 1.10)
      reline (>= 0.3.8)
    dependabot-bun (0.301.1)
      dependabot-common (= 0.301.1)
    dependabot-bundler (0.301.1)
      dependabot-common (= 0.301.1)
      parallel (~> 1.24)
    dependabot-cargo (0.301.1)
      dependabot-common (= 0.301.1)
    dependabot-common (0.301.1)
      aws-sdk-codecommit (~> 1.28)
      aws-sdk-ecr (~> 1.5)
      bundler (>= 1.16, < 3.0.0)
      commonmarker (>= 0.20.1, < 0.24.0)
      docker_registry2 (~> 1.18.2)
      excon (~> 0.109)
      faraday (= 2.7.11)
      faraday-retry (= 2.2.0)
      gitlab (= 5.0.0)
      json (< 2.7)
      nokogiri (~> 1.8)
      octokit (>= 4.6, < 8.0)
      opentelemetry-api (~> 1.4)
      opentelemetry-metrics-api (~> 0.1)
      parser (>= 2.5, < 4.0)
      psych (~> 5.0)
      sorbet-runtime (~> 0.5.11577)
      stackprof (~> 0.2.16)
      toml-rb (>= 1.1.2)
    dependabot-composer (0.301.1)
      dependabot-common (= 0.301.1)
    dependabot-devcontainers (0.301.1)
      dependabot-common (= 0.301.1)
    dependabot-docker (0.301.1)
      dependabot-common (= 0.301.1)
    dependabot-docker_compose (0.301.1)
      dependabot-common (= 0.301.1)
      dependabot-docker (= 0.301.1)
    dependabot-dotnet_sdk (0.301.1)
      dependabot-common (= 0.301.1)
    dependabot-elm (0.301.1)
      dependabot-common (= 0.301.1)
    dependabot-git_submodules (0.301.1)
      dependabot-common (= 0.301.1)
      parseconfig (~> 1.0, < 1.1.0)
    dependabot-github_actions (0.301.1)
      dependabot-common (= 0.301.1)
    dependabot-go_modules (0.301.1)
      dependabot-common (= 0.301.1)
    dependabot-gradle (0.301.1)
      dependabot-common (= 0.301.1)
      dependabot-maven (= 0.301.1)
    dependabot-helm (0.301.1)
      dependabot-common (= 0.301.1)
      dependabot-docker (= 0.301.1)
    dependabot-hex (0.301.1)
      dependabot-common (= 0.301.1)
    dependabot-maven (0.301.1)
      dependabot-common (= 0.301.1)
    dependabot-npm_and_yarn (0.301.1)
      dependabot-common (= 0.301.1)
    dependabot-nuget (0.301.1)
      dependabot-common (= 0.301.1)
      rubyzip (>= 2.3.2, < 3.0)
    dependabot-omnibus (0.301.1)
      dependabot-bun (= 0.301.1)
      dependabot-bundler (= 0.301.1)
      dependabot-cargo (= 0.301.1)
      dependabot-common (= 0.301.1)
      dependabot-composer (= 0.301.1)
      dependabot-devcontainers (= 0.301.1)
      dependabot-docker (= 0.301.1)
      dependabot-docker_compose (= 0.301.1)
      dependabot-dotnet_sdk (= 0.301.1)
      dependabot-elm (= 0.301.1)
      dependabot-git_submodules (= 0.301.1)
      dependabot-github_actions (= 0.301.1)
      dependabot-go_modules (= 0.301.1)
      dependabot-gradle (= 0.301.1)
      dependabot-helm (= 0.301.1)
      dependabot-hex (= 0.301.1)
      dependabot-maven (= 0.301.1)
      dependabot-npm_and_yarn (= 0.301.1)
      dependabot-nuget (= 0.301.1)
      dependabot-pub (= 0.301.1)
      dependabot-python (= 0.301.1)
      dependabot-swift (= 0.301.1)
      dependabot-terraform (= 0.301.1)
      dependabot-uv (= 0.301.1)
    dependabot-pub (0.301.1)
      dependabot-common (= 0.301.1)
    dependabot-python (0.301.1)
      dependabot-common (= 0.301.1)
    dependabot-swift (0.301.1)
      dependabot-common (= 0.301.1)
    dependabot-terraform (0.301.1)
      dependabot-common (= 0.301.1)
    dependabot-update-job-runner (0.0.2)
      google-protobuf (~> 3.5)
    dependabot-uv (0.301.1)
      dependabot-common (= 0.301.1)
    diet_earthsmoke (0.2.7)
      rbnacl
    diff-lcs (1.5.1)
    docker-api (2.4.0)
      excon (>= 0.64.0)
      multi_json
    docker_registry2 (1.18.2)
      rest-client (>= 1.8.0)
    dogstatsd-ruby (5.6.3)
    domain_name (0.6.20240107)
    dotenv (2.8.1)
    dotenv-rails (2.8.1)
      dotenv (= 2.8.1)
      railties (>= 3.2)
    e2mmap (0.1.0)
    erubi (1.13.0)
    et-orbi (1.2.11)
      tzinfo
    excon (0.109.0)
    factory_bot (6.5.0)
      activesupport (>= 5.0.0)
    factory_bot_rails (6.4.4)
      factory_bot (~> 6.5)
      railties (>= 5.0.0)
    failbot (2.12.1)
    faker (3.5.1)
      i18n (>= 1.8.11, < 2)
    faraday (2.7.11)
      base64
      faraday-net_http (>= 2.0, < 3.1)
      ruby2_keywords (>= 0.0.4)
    faraday-net_http (3.0.2)
    faraday-retry (2.2.0)
      faraday (~> 2.0)
    ffi (1.17.0-x86_64-linux-gnu)
    fiber-storage (1.0.0)
    fido-challenger-client (0.6)
    flipper (0.28.3)
      concurrent-ruby (< 2)
    flipper-active_record (0.28.3)
      activerecord (>= 4.2, < 8)
      flipper (~> 0.28.3)
    foreman (0.88.1)
    freno-client (0.9.0)
      faraday (< 3)
    fugit (1.11.1)
      et-orbi (~> 1, >= 1.2.11)
      raabro (~> 1.4)
    github-launch (1.0.39.134.g9b0baf6f6)
      grpc (~> 1.4)
      twirp (~> 1.1)
    github_chatops_extensions (0.0.8)
      chatterbox-client (= 2.1.3.gd04a86a)
      duo_api (~> 1.0.1)
      failbot (>= 2.5.5, < 3)
      fido-challenger-client (~> 0.5.g7af7f2f)
      net-ldap (~> 0.17)
      rack (~> 2.2.3)
    gitlab (5.0.0)
      httparty (~> 0.20)
      terminal-table (>= 1.5.1)
    globalid (1.2.1)
      activesupport (>= 6.1)
    google-protobuf (3.25.5-x86_64-linux)
    googleapis-common-protos-types (1.18.0)
      google-protobuf (>= 3.18, < 5.a)
    graphql (2.3.19)
      base64
      fiber-storage
    graphql-client (0.23.0)
      activesupport (>= 3.0)
      graphql (>= 1.13.0)
    grpc (1.64.0-x86_64-linux)
      google-protobuf (~> 3.25)
      googleapis-common-protos-types (~> 1.0)
    hashdiff (1.1.1)
    http-accept (1.7.0)
    http-cookie (1.0.8)
      domain_name (~> 0.5)
    httparty (0.22.0)
      csv
      mini_mime (>= 1.0.0)
      multi_xml (>= 0.5.2)
    i18n (1.14.6)
      concurrent-ruby (~> 1.0)
    io-console (0.8.0)
    irb (1.14.3)
      rdoc (>= 4.0.0)
      reline (>= 0.4.2)
    jaro_winkler (1.5.6)
    jmespath (1.6.2)
    json (2.6.3)
    json-schema (4.0.0)
      addressable (>= 2.8)
    jsonapi-renderer (0.2.2)
    jwt (2.9.3)
      base64
    kgio (2.11.4)
    kramdown (2.4.0)
      rexml
    kramdown-parser-gfm (1.1.0)
      kramdown (~> 2.0)
    language_server-protocol (3.17.0.3)
    lightstep (0.17.0)
      concurrent-ruby (~> 1.0)
      opentracing (~> 0.5.0)
    listen (3.9.0)
      rb-fsevent (~> 0.10, >= 0.10.3)
      rb-inotify (~> 0.9, >= 0.9.10)
    logger (1.6.6)
    loofah (2.23.1)
      crass (~> 1.0.2)
      nokogiri (>= 1.12.0)
    mail (2.8.1)
      mini_mime (>= 0.1.1)
      net-imap
      net-pop
      net-smtp
    marcel (1.0.4)
    method_source (1.1.0)
    mime-types (3.6.0)
      logger
      mime-types-data (~> 3.2015)
    mime-types-data (3.2025.0304)
    mini_mime (1.1.5)
    minitest (5.25.4)
    mono_logger (1.1.2)
    monolith-twirp-actions-core (1.0.34)
      twirp (~> 1.1)
    monolith-twirp-advisorydb-advisories (1.0.1)
      twirp (~> 1.1)
    monolith-twirp-dependabot-pullrequests (1.0.11)
      twirp (~> 1.10.0)
    monolith-twirp-dependabot-settings (1.10.2)
      twirp (~> 1.10.0)
    msgpack (1.7.4)
    multi_json (1.15.0)
    multi_xml (0.7.1)
      bigdecimal (~> 3.1)
    net-imap (0.4.19)
      date
      net-protocol
    net-pop (0.1.2)
      net-protocol
    net-protocol (0.2.2)
      timeout
    net-smtp (0.4.0.1)
      net-protocol
    netrc (0.11.0)
    nio4r (2.7.3)
    nokogiri (1.16.8-x86_64-linux)
      racc (~> 1.4)
    octokit (6.1.1)
      faraday (>= 1, < 3)
      sawyer (~> 0.9)
    opentelemetry-api (1.4.0)
    opentelemetry-common (0.21.0)
      opentelemetry-api (~> 1.0)
    opentelemetry-exporter-otlp (0.29.1)
      google-protobuf (>= 3.18)
      googleapis-common-protos-types (~> 1.3)
      opentelemetry-api (~> 1.1)
      opentelemetry-common (~> 0.20)
      opentelemetry-sdk (~> 1.2)
      opentelemetry-semantic_conventions
    opentelemetry-helpers-mysql (0.2.0)
      opentelemetry-api (~> 1.0)
      opentelemetry-common (~> 0.21)
    opentelemetry-helpers-sql-obfuscation (0.3.0)
      opentelemetry-common (~> 0.21)
    opentelemetry-instrumentation-action_mailer (0.4.0)
      opentelemetry-api (~> 1.0)
      opentelemetry-instrumentation-active_support (~> 0.7)
      opentelemetry-instrumentation-base (~> 0.23.0)
    opentelemetry-instrumentation-action_pack (0.12.0)
      opentelemetry-api (~> 1.0)
      opentelemetry-instrumentation-base (~> 0.23.0)
      opentelemetry-instrumentation-rack (~> 0.21)
    opentelemetry-instrumentation-action_view (0.9.0)
      opentelemetry-api (~> 1.0)
      opentelemetry-instrumentation-active_support (~> 0.7)
      opentelemetry-instrumentation-base (~> 0.23.0)
    opentelemetry-instrumentation-active_job (0.8.0)
      opentelemetry-api (~> 1.0)
      opentelemetry-instrumentation-base (~> 0.23.0)
    opentelemetry-instrumentation-active_record (0.9.0)
      opentelemetry-api (~> 1.0)
      opentelemetry-instrumentation-base (~> 0.23.0)
    opentelemetry-instrumentation-active_storage (0.1.0)
      opentelemetry-api (~> 1.4.0)
      opentelemetry-instrumentation-active_support (~> 0.7)
      opentelemetry-instrumentation-base (~> 0.23.0)
    opentelemetry-instrumentation-active_support (0.8.0)
      opentelemetry-api (~> 1.0)
      opentelemetry-instrumentation-base (~> 0.23.0)
    opentelemetry-instrumentation-base (0.23.0)
      opentelemetry-api (~> 1.0)
      opentelemetry-common (~> 0.21)
      opentelemetry-registry (~> 0.1)
    opentelemetry-instrumentation-concurrent_ruby (0.22.0)
      opentelemetry-api (~> 1.0)
      opentelemetry-instrumentation-base (~> 0.23.0)
    opentelemetry-instrumentation-ethon (0.22.0)
      opentelemetry-api (~> 1.0)
      opentelemetry-instrumentation-base (~> 0.23.0)
    opentelemetry-instrumentation-excon (0.23.0)
      opentelemetry-api (~> 1.0)
      opentelemetry-instrumentation-base (~> 0.23.0)
    opentelemetry-instrumentation-faraday (0.26.0)
      opentelemetry-api (~> 1.0)
      opentelemetry-instrumentation-base (~> 0.23.0)
    opentelemetry-instrumentation-graphql (0.29.0)
      opentelemetry-api (~> 1.0)
      opentelemetry-instrumentation-base (~> 0.23.0)
    opentelemetry-instrumentation-mysql2 (0.29.0)
      opentelemetry-api (~> 1.0)
      opentelemetry-helpers-mysql
      opentelemetry-helpers-sql-obfuscation
      opentelemetry-instrumentation-base (~> 0.23.0)
    opentelemetry-instrumentation-net_http (0.23.0)
      opentelemetry-api (~> 1.0)
      opentelemetry-instrumentation-base (~> 0.23.0)
    opentelemetry-instrumentation-pg (0.30.0)
      opentelemetry-api (~> 1.0)
      opentelemetry-helpers-sql-obfuscation
      opentelemetry-instrumentation-base (~> 0.23.0)
    opentelemetry-instrumentation-rack (0.26.0)
      opentelemetry-api (~> 1.0)
      opentelemetry-instrumentation-base (~> 0.23.0)
    opentelemetry-instrumentation-rails (0.36.0)
      opentelemetry-api (~> 1.0)
      opentelemetry-instrumentation-action_mailer (~> 0.4.0)
      opentelemetry-instrumentation-action_pack (~> 0.12.0)
      opentelemetry-instrumentation-action_view (~> 0.9.0)
      opentelemetry-instrumentation-active_job (~> 0.8.0)
      opentelemetry-instrumentation-active_record (~> 0.9.0)
      opentelemetry-instrumentation-active_storage (~> 0.1.0)
      opentelemetry-instrumentation-active_support (~> 0.8.0)
      opentelemetry-instrumentation-base (~> 0.23.0)
      opentelemetry-instrumentation-concurrent_ruby (~> 0.22.0)
    opentelemetry-instrumentation-ruby_kafka (0.22.0)
      opentelemetry-api (~> 1.0)
      opentelemetry-instrumentation-base (~> 0.23.0)
    opentelemetry-instrumentation-trilogy (0.61.0)
      opentelemetry-api (~> 1.0)
      opentelemetry-helpers-mysql
      opentelemetry-helpers-sql-obfuscation
      opentelemetry-instrumentation-base (~> 0.23.0)
      opentelemetry-semantic_conventions (>= 1.8.0)
    opentelemetry-metrics-api (0.3.0)
      opentelemetry-api (~> 1.0)
    opentelemetry-registry (0.3.1)
      opentelemetry-api (~> 1.1)
    opentelemetry-sdk (1.7.0)
      opentelemetry-api (~> 1.1)
      opentelemetry-common (~> 0.20)
      opentelemetry-registry (~> 0.2)
      opentelemetry-semantic_conventions
    opentelemetry-semantic_conventions (1.10.1)
      opentelemetry-api (~> 1.0)
    parallel (1.26.3)
    parseconfig (1.0.8)
    parser (3.3.7.1)
      ast (~> 2.4.1)
      racc
    prism (1.2.0)
    prius (5.0.0)
    psych (5.2.3)
      date
      stringio
    public_suffix (6.0.1)
    puma (6.4.3)
      nio4r (~> 2.0)
    raabro (1.4.0)
    racc (1.8.1)
    rack (2.2.11)
    rack-cors (2.0.2)
      rack (>= 2.0.0)
    rack-test (2.1.0)
      rack (>= 1.3)
    rails (7.0.8.7)
      actioncable (= 7.0.8.7)
      actionmailbox (= 7.0.8.7)
      actionmailer (= 7.0.8.7)
      actionpack (= 7.0.8.7)
      actiontext (= 7.0.8.7)
      actionview (= 7.0.8.7)
      activejob (= 7.0.8.7)
      activemodel (= 7.0.8.7)
      activerecord (= 7.0.8.7)
      activestorage (= 7.0.8.7)
      activesupport (= 7.0.8.7)
      bundler (>= 1.15.0)
      railties (= 7.0.8.7)
    rails-dom-testing (2.2.0)
      activesupport (>= 5.0.0)
      minitest
      nokogiri (>= 1.6)
    rails-html-sanitizer (1.6.1)
      loofah (~> 2.21)
      nokogiri (>= 1.15.7, != 1.16.7, != 1.16.6, != 1.16.5, != 1.16.4, != 1.16.3, != 1.16.2, != 1.16.1, != 1.16.0.rc1, != 1.16.0)
    railties (7.0.8.7)
      actionpack (= 7.0.8.7)
      activesupport (= 7.0.8.7)
      method_source
      rake (>= 12.2)
      thor (~> 1.0)
      zeitwerk (~> 2.5)
    rainbow (3.1.1)
    rake (13.2.1)
    rb-fsevent (0.11.2)
    rb-inotify (0.10.1)
      ffi (~> 1.0)
    rbi (0.2.1)
      prism (~> 1.0)
      sorbet-runtime (>= 0.5.9204)
    rbnacl (7.1.2)
      ffi (~> 1)
    rbs (2.8.4)
    rdoc (6.10.0)
      psych (>= 4.0.0)
    redis (5.3.0)
      redis-client (>= 0.22.0)
    redis-client (0.22.2)
      connection_pool
    regexp_parser (2.10.0)
    reline (0.6.0)
      io-console (~> 0.5)
    resqued (0.13.0)
      kgio (~> 2.6)
      mono_logger (~> 1.0)
    rest-client (2.1.0)
      http-accept (>= 1.7.0, < 2.0)
      http-cookie (>= 1.0.2, < 2.0)
      mime-types (>= 1.16, < 4.0)
      netrc (~> 0.8)
    reverse_markdown (2.1.1)
      nokogiri
    rexml (3.3.9)
    rspec (3.13.0)
      rspec-core (~> 3.13.0)
      rspec-expectations (~> 3.13.0)
      rspec-mocks (~> 3.13.0)
    rspec-core (3.13.0)
      rspec-support (~> 3.13.0)
    rspec-expectations (3.13.1)
      diff-lcs (>= 1.2.0, < 2.0)
      rspec-support (~> 3.13.0)
    rspec-github (2.4.0)
      rspec-core (~> 3.0)
    rspec-mocks (3.13.1)
      diff-lcs (>= 1.2.0, < 2.0)
      rspec-support (~> 3.13.0)
    rspec-rails (6.1.3)
      actionpack (>= 6.1)
      activesupport (>= 6.1)
      railties (>= 6.1)
      rspec-core (~> 3.13)
      rspec-expectations (~> 3.13)
      rspec-mocks (~> 3.13)
      rspec-support (~> 3.13)
    rspec-support (3.13.1)
    rspec_json_dumper (0.2.0)
      rollup (~> 0.2)
      rspec
    rubocop (1.69.2)
      json (~> 2.3)
      language_server-protocol (>= 3.17.0)
      parallel (~> 1.10)
      parser (>= 3.3.0.2)
      rainbow (>= 2.2.2, < 4.0)
      regexp_parser (>= 2.9.3, < 3.0)
      rubocop-ast (>= 1.36.2, < 2.0)
      ruby-progressbar (~> 1.7)
      unicode-display_width (>= 2.4.0, < 4.0)
    rubocop-ast (1.37.0)
      parser (>= 3.3.1.0)
    rubocop-capybara (2.21.0)
      rubocop (~> 1.41)
    rubocop-factory_bot (2.26.0)
      rubocop (~> 1.41)
    rubocop-performance (1.23.1)
      rubocop (>= 1.48.1, < 2.0)
      rubocop-ast (>= 1.31.1, < 2.0)
    rubocop-rails (2.28.0)
      activesupport (>= 4.2.0)
      rack (>= 1.1)
      rubocop (>= 1.52.0, < 2.0)
      rubocop-ast (>= 1.31.1, < 2.0)
    rubocop-rspec (2.31.0)
      rubocop (~> 1.40)
      rubocop-capybara (~> 2.17)
      rubocop-factory_bot (~> 2.22)
      rubocop-rspec_rails (~> 2.28)
    rubocop-rspec_rails (2.29.0)
      rubocop (~> 1.40)
    ruby-progressbar (1.13.0)
    ruby2_keywords (0.0.5)
    rubyzip (2.4.1)
    sawyer (0.9.2)
      addressable (>= 2.3.5)
      faraday (>= 0.17.3, < 3)
    scientist (1.6.4)
    scrolls (0.9.6)
      syslog
    semantic_logger (4.15.0)
      concurrent-ruby (~> 1.0)
    slop (4.10.1)
    solargraph (0.50.0)
      backport (~> 1.2)
      benchmark
      bundler (~> 2.0)
      diff-lcs (~> 1.4)
      e2mmap
      jaro_winkler (~> 1.5)
      kramdown (~> 2.3)
      kramdown-parser-gfm (~> 1.1)
      parser (~> 3.0)
      rbs (~> 2.0)
      reverse_markdown (~> 2.0)
      rubocop (~> 1.38)
      thor (~> 1.0)
      tilt (~> 2.0)
      yard (~> 0.9, >= 0.9.24)
    sorbet (0.5.11641)
      sorbet-static (= 0.5.11641)
    sorbet-runtime (0.5.11641)
    sorbet-static (0.5.11641-x86_64-linux)
    sorbet-static-and-runtime (0.5.11641)
      sorbet (= 0.5.11641)
      sorbet-runtime (= 0.5.11641)
    spoom (1.5.0)
      erubi (>= 1.10.0)
      prism (>= 0.28.0)
      sorbet-static-and-runtime (>= 0.5.10187)
      thor (>= 0.19.2)
    stackprof (0.2.27)
    statesman (10.2.3)
    statsd-ruby (1.5.0)
    stringio (3.1.5)
    syslog (0.1.2)
    tapioca (0.16.6)
      bundler (>= 2.2.25)
      netrc (>= 0.11.0)
      parallel (>= 1.21.0)
      rbi (~> 0.2)
      sorbet-static-and-runtime (>= 0.5.11087)
      spoom (>= 1.2.0)
      thor (>= 1.2.0)
      yard-sorbet
    terminal-table (3.0.2)
      unicode-display_width (>= 1.1.1, < 3)
    thor (1.3.2)
    tilt (2.3.0)
    timeout (0.4.3)
    toml-rb (2.2.0)
      citrus (~> 3.0, > 3.0)
    trilogy (2.9.0)
    trilogy_adapter (2.0.0)
      activerecord (>= 7.0.0.alpha)
      trilogy (>= 2.0.0)
    turboscan-client (1.0.0.r3565d760c)
      faraday (>= 0.15.4)
      google-protobuf (>= 3.14, < 5.0)
      twirp (~> 1.10)
    twirp (1.10.0)
      faraday (< 3)
      google-protobuf (~> 3.0, >= 3.7.0)
    tzinfo (2.0.6)
      concurrent-ruby (~> 1.0)
    tzinfo-data (1.2024.2)
      tzinfo (>= 1.0.0)
    unicode-display_width (2.6.0)
    vcr (6.3.1)
      base64
    webmock (3.24.0)
      addressable (>= 2.8.0)
      crack (>= 0.3.2)
      hashdiff (>= 0.4.0, < 2.0.0)
    websocket-driver (0.7.6)
      websocket-extensions (>= 0.1.0)
    websocket-extensions (0.1.5)
    yard (0.9.36)
    yard-sorbet (0.9.0)
      sorbet-runtime
      yard
    zeitwerk (2.7.1)

GEM
  remote: https://rubygems.pkg.github.com/github/
  specs:
    aqueduct-client (1.0.0)
      faraday
      google-protobuf (~> 3.12)
      nanoid
      twirp (>= 1.1)
    aqueduct-rails (0.6.2)
      aqueduct-client (>= 0.3.6)
      rails
      sorbet-runtime
    azure-storage-blob (2.1.3)
      azure-storage-common (~> 2.1)
      nokogiri (~> 1, >= 1.10.8)
    azure-storage-common (2.1.1)
      faraday (~> 2.0)
      faraday-follow_redirects (~> 0.3.0)
      faraday-net_http_persistent (~> 2.0)
      net-http-persistent (~> 4.0)
      nokogiri (~> 1, >= 1.10.8)
    chatterbox-client (2.1.3.gd04a86a)
    commander (4.6.0)
      highline (~> 2.0.0)
    digest-crc (0.6.5)
      rake (>= 12.0.0, < 14.0.0)
    duo_api (1.0.1)
    faraday-follow_redirects (0.3.0)
      faraday (>= 1, < 3)
    faraday-net_http_persistent (2.1.0)
      faraday (~> 2.5)
      net-http-persistent (~> 4.0)
    feature-flags-client (1.1.0)
      faraday
      faraday-retry
      monolith-twirp-features-core (~> 1.1.1)
      twirp (~> 1.10)
    github-telemetry (0.50.0)
      opentelemetry-exporter-otlp (~> 0.26, >= 0.26.1)
      opentelemetry-helpers-sql-obfuscation (~> 0.2, >= 0.2.0)
      opentelemetry-instrumentation-ethon (~> 0.21, >= 0.21.6)
      opentelemetry-instrumentation-excon (~> 0.22, >= 0.21.2)
      opentelemetry-instrumentation-faraday (~> 0.24, >= 0.24.0)
      opentelemetry-instrumentation-graphql (~> 0.28, >= 0.28.4)
      opentelemetry-instrumentation-mysql2 (~> 0.28, >= 0.28.0)
      opentelemetry-instrumentation-net_http (~> 0.22, >= 0.22.2)
      opentelemetry-instrumentation-pg (~> 0.29, >= 0.29.0)
      opentelemetry-instrumentation-rack (~> 0.23, >= 0.23.3)
      opentelemetry-instrumentation-rails (~> 0.27, >= 0.27.1)
      opentelemetry-instrumentation-ruby_kafka (~> 0.20, >= 0.20.1)
      opentelemetry-instrumentation-trilogy (~> 0.60, >= 0.60.0)
      opentelemetry-registry (~> 0.3, >= 0.3.0)
      opentelemetry-sdk (~> 1.3, >= 1.3.0)
      semantic_logger (= 4.15)
    highline (2.0.3)
    hydro-client (5.1.2)
      activesupport (> 6.0)
      google-protobuf (>= 3.14, < 5.0)
      ruby-kafka (>= 1.3, < 1.6)
      twirp
      zstd-ruby (~> 1.5, >= 1.5.1.1)
    monolith-twirp-features-core (1.1.1)
      twirp (~> 1.1)
    nanoid (2.0.0)
    net-http-persistent (4.0.2)
      connection_pool (~> 2.2)
    net-ldap (0.17.0)
    opentracing (0.5.0)
    rollup (0.7.0.3.ge8f535d)
    ruby-kafka (1.3.0)
      digest-crc
    zstd-ruby (1.5.5.0)

PLATFORMS
  x86_64-linux

DEPENDENCIES
  active_model_serializers (~> 0.10.14)
  activejob-retry (~> 0.6.3)
  activejob-scheduled_job (~> 0.1)!
  aqueduct-rails (= 0.6.2)!
  aws-sdk-autoscaling (~> 1.125)
  aws-sdk-s3 (~> 1.170)
  aws-sdk-sqs (~> 1.88)
  azure-storage-blob (= 2.1.3)!
  base62 (= 1.0.0)
  bootsnap (~> 1.18)
  chatops-controller (= 5.1.0)
  coach (~> 3.0.1)
  concurrent-ruby (~> 1.3.4)
  debug (>= 1.0)
  dependabot-omnibus (~> 0.301.1)
  dependabot-update-job-runner (= 0.0.2)
  diet_earthsmoke (= 0.2.7)
  docker-api (~> 2.4.0)
  dogstatsd-ruby (~> 5.6.3)
  dotenv (~> 2.8)
  dotenv-rails (~> 2.8)
  excon (~> 0.109.0)
  factory_bot_rails (~> 6.4)
  failbot (= 2.12.1)
  faker (~> 3.5)
  faraday-retry (~> 2.2.0)
  feature-flags-client (= 1.1.0)!
  fido-challenger-client (= 0.6)
  flipper (~> 0.28.3)
  flipper-active_record (~> 0.28.3)
  foreman (~> 0.88.1)
  freno-client (~> 0.9.0)
  fugit (= 1.11.1)
  github-launch (= 1.0.39.134.g9b0baf6f6)
  github-telemetry (= 0.50.0)!
  github_chatops_extensions (= 0.0.8)
  google-protobuf (~> 3.25.5)
  graphql-client (~> 0.23.0)
  hydro-client (>= 5.1.2)!
  json-schema (~> 4.0.0)
  jwt (~> 2.9.3)
  lightstep (~> 0.17.0)
  listen (~> 3.9)
  monolith-twirp-actions-core (= 1.0.34)
  monolith-twirp-advisorydb-advisories (= 1.0.1)
  monolith-twirp-dependabot-pullrequests (= 1.0.11)
  monolith-twirp-dependabot-settings (= 1.10.2)
  nokogiri (~> 1.16)
  octokit (~> 6.1)
  prius (~> 5.0)
  proto-dependabot-api!
  puma (~> 6.4.3)
  rack-cors (~> 2.0.2)
  rails (~> 7.0.8)
  rbnacl (~> 7.1.2)
  redis (~> 5.3)
  resqued (~> 0.13.0)
  rspec-github (~> 2.4)
  rspec-rails (~> 6.1)
  rspec_json_dumper (= 0.2.0)
  rubocop (= 1.69.2)
  rubocop-performance
  rubocop-rails
  rubocop-rspec (= 2.31.0)
  scientist (~> 1.6.4)
  scrolls (~> 0.9)
  slop
  solargraph (~> 0.50.0)
  sorbet
  sorbet-runtime
  statesman (= 10.2.3)
  statsd-ruby (~> 1.5.0)
  tapioca (>= 0.16.6)
  terminal-table (~> 3.0.2)
  toml-rb (~> 2.2.0)
  trilogy (= 2.9.0)
  trilogy_adapter
  turboscan-client (= 1.0.0.r3565d760c)
  twirp (= 1.10.0)
  tzinfo (~> 2.0)
  tzinfo-data (= 1.2024.2)
  vcr (~> 6.3)
  webmock (~> 3.24)

RUBY VERSION
   ruby 3.3.6p108

BUNDLED WITH
   2.6.2
